GEM
  remote: https://rubygems.org/
  specs:
    builder (3.2.2)
    contracts (0.4)
    elasticity (3.0.4)
      fog (~> 1.0)
      nokogiri (~> 1.0)
      rest-client (~> 1.0)
      unf (~> 0.1)
    excon (0.33.0)
    fog (1.22.0)
      fog-brightbox
      fog-core (~> 1.21, >= 1.21.1)
      fog-json
      nokogiri (~> 1.5, >= 1.5.11)
    fog-brightbox (0.0.2)
      fog-core
      fog-json
    fog-core (1.22.0)
      builder
      excon (~> 0.33)
      formatador (~> 0.2)
      mime-types
      net-scp (~> 1.1)
      net-ssh (>= 2.1.3)
    fog-json (1.0.0)
      multi_json (~> 1.0)
    formatador (0.2.4)
    mime-types (2.2)
    mini_portile (0.6.0)
    multi_json (1.10.0)
    net-scp (1.2.1)
      net-ssh (>= 2.6.5)
    net-ssh (2.9.1)
    nokogiri (1.6.2.1)
      mini_portile (= 0.6.0)
    rest-client (1.6.7)
      mime-types (>= 1.16)
    sluice (0.2.0)
      contracts (~> 0.4)
      fog (~> 1.22)
    unf (0.1.4)
      unf_ext
    unf_ext (0.0.6)

PLATFORMS
  ruby

DEPENDENCIES
  elasticity (~> 3.0.2)
  sluice (~> 0.2.0)
