GEM
  remote: https://rubygems.org/
  specs:
    builder (3.1.4)
    elasticity (2.5.3)
      fog
      nokogiri
      rest-client
    excon (0.16.10)
    fog (1.6.0)
      builder
      excon (~> 0.14)
      formatador (~> 0.2.0)
      mime-types
      multi_json (~> 1.0)
      net-scp (~> 1.0.4)
      net-ssh (>= 2.1.3)
      nokogiri (~> 1.5.0)
      ruby-hmac
    formatador (0.2.4)
    mime-types (1.19)
    multi_json (1.5.0)
    net-scp (1.0.4)
      net-ssh (>= 1.99.1)
    net-ssh (2.6.3)
    nokogiri (1.5.6)
    rest-client (1.6.7)
      mime-types (>= 1.16)
    ruby-hmac (0.4.0)
    sluice (0.0.6)
      fog (~> 1.6.0)

PLATFORMS
  ruby

DEPENDENCIES
  elasticity (~> 2.5)
  sluice (~> 0.0.6)
